GEM
  remote: https://rubygems.org/
  specs:
    addressable (2.5.2)
      public_suffix (>= 2.0.2, < 4.0)
    atk (3.2.4)
      glib2 (= 3.2.4)
    cairo (1.15.12)
      native-package-installer (>= 1.0.3)
      pkg-config (>= 1.2.2)
    cairo-gobject (3.2.4)
      cairo
      glib2 (= 3.2.4)
    domain_name (0.5.20180417)
      unf (>= 0.0.5, < 1.0.0)
    eventmachine (1.2.5)
    faraday (0.15.0)
      multipart-post (>= 1.2, < 3)
    faraday_middleware (0.10.1)
      faraday (>= 0.7.4, < 1.0)
    faye-websocket (0.10.7)
      eventmachine (>= 0.12.0)
      websocket-driver (>= 0.5.1)
    gdk3 (3.2.4)
      cairo-gobject (= 3.2.4)
      gdk_pixbuf2 (= 3.2.4)
      gobject-introspection (= 3.2.4)
      pango (= 3.2.4)
    gdk_pixbuf2 (3.2.4)
      gio2 (= 3.2.4)
    gio2 (3.2.4)
      glib2 (= 3.2.4)
      gobject-introspection (= 3.2.4)
    glib2 (3.2.4)
      native-package-installer (>= 1.0.3)
      pkg-config (>= 1.2.2)
    gobject-introspection (3.2.4)
      glib2 (= 3.2.4)
    gtk3 (3.2.4)
      atk (= 3.2.4)
      gdk3 (= 3.2.4)
      gdk_pixbuf2 (= 3.2.4)
      gio2 (= 3.2.4)
      glib2 (= 3.2.4)
      gobject-introspection (= 3.2.4)
      pango (= 3.2.4)
    http (3.2.1)
      addressable (~> 2.3)
      http-cookie (~> 1.0)
      http-form_data (~> 2.0)
      http_parser.rb (~> 0.6.0)
    http-cookie (1.0.3)
      domain_name (~> 0.5)
    http-form_data (2.1.0)
    http_parser.rb (0.6.0)
    json (2.1.0)
    multi_json (1.13.1)
    multipart-post (2.0.0)
    native-package-installer (1.0.6)
    pango (3.2.4)
      cairo (>= 1.14.0)
      cairo-gobject (= 3.2.4)
      gobject-introspection (= 3.2.4)
    pkg-config (1.3.0)
    public_suffix (3.0.2)
    slack-api (1.6.1)
      faraday (~> 0.11)
      faraday_middleware (~> 0.10.0)
      faye-websocket (~> 0.10.6)
      multi_json (~> 1.0, >= 1.0.3)
    unf (0.1.4)
      unf_ext
    unf_ext (0.0.7.5)
    websocket-driver (0.7.0)
      websocket-extensions (>= 0.1.0)
    websocket-extensions (0.1.3)

PLATFORMS
  ruby

DEPENDENCIES
  gtk3
  http
  json
  slack-api

BUNDLED WITH
   1.16.1
